GEM
  remote: https://rubygems.org/
  specs:
    do_nothing (0.0.7)
    nothing (1.0.0)
    rails_stdout_logging (0.0.1)

PLATFORMS
  ruby

DEPENDENCIES
  do_nothing (~> 0.0.7)
  nothing (~> 1.0)
  rails_stdout_logging (~> 0.0.1)

BUNDLED WITH
   1.10.2
